GIT
  remote: https://yuto_ogi@bitbucket.org/FOURIER_INC/hamamatsu-event-calendar.git
  revision: ccfd0952a6bbfb8240ac2b99268922ac0ffe1742
  specs:
    hamamatsu-event-calendar (0.1.0)
      anemone
      hashie
      nokogiri

GEM
  remote: https://rubygems.org/
  specs:
    activesupport (5.0.0.1)
      concurrent-ruby (~> 1.0, >= 1.0.2)
      i18n (~> 0.7)
      minitest (~> 5.1)
      tzinfo (~> 1.1)
    anemone (0.7.2)
      nokogiri (>= 1.3.0)
      robotex (>= 1.0.0)
    concurrent-ruby (1.0.2)
    dotenv (2.1.1)
    hashie (3.4.6)
    i18n (0.7.0)
    mem (0.1.5)
    mini_portile2 (2.1.0)
    minitest (5.9.1)
    nokogiri (1.6.8.1)
      mini_portile2 (~> 2.1.0)
    robotex (1.0.0)
    ruboty (1.2.4)
      activesupport
      bundler
      dotenv
      mem
      slop
    slop (4.4.1)
    thread_safe (0.3.5)
    tzinfo (1.2.2)
      thread_safe (~> 0.1)

PLATFORMS
  ruby

DEPENDENCIES
  hamamatsu-event-calendar!
  hashie
  ruboty

BUNDLED WITH
   1.13.6
